GIT
  remote: git://github.com/eventmachine/eventmachine
  revision: 4d4de9d294df20c3e092e4f16abfc787935830d9
  specs:
    eventmachine (1.0.0.beta.4)

GEM
  remote: http://rubygems.org/
  specs:

PLATFORMS
  ruby

DEPENDENCIES
  eventmachine!
